GEM
  specs:
    CFPropertyList (2.3.5)
    activesupport (5.0.0.1)
      concurrent-ruby (~> 1.0, >= 1.0.2)
      i18n (~> 0.7)
      minitest (~> 5.1)
      tzinfo (~> 1.1)
    claide (1.0.1)
    cocoapods (1.0.1)
      activesupport (>= 4.0.2)
      claide (>= 1.0.0, < 2.0)
      cocoapods-core (= 1.0.1)
      cocoapods-deintegrate (>= 1.0.0, < 2.0)
      cocoapods-downloader (>= 1.0.0, < 2.0)
      cocoapods-plugins (>= 1.0.0, < 2.0)
      cocoapods-search (>= 1.0.0, < 2.0)
      cocoapods-stats (>= 1.0.0, < 2.0)
      cocoapods-trunk (>= 1.0.0, < 2.0)
      cocoapods-try (>= 1.0.0, < 2.0)
      colored (~> 1.2)
      escape (~> 0.0.4)
      fourflusher (~> 0.3.0)
      molinillo (~> 0.4.5)
      nap (~> 1.0)
      xcodeproj (>= 1.1.0, < 2.0)
    cocoapods-core (1.0.1)
      activesupport (>= 4.0.2)
      fuzzy_match (~> 2.0.4)
      nap (~> 1.0)
    cocoapods-deintegrate (1.0.1)
    cocoapods-downloader (1.1.3)
    cocoapods-plugins (1.0.0)
      nap
    cocoapods-search (1.0.0)
    cocoapods-stats (1.0.0)
    cocoapods-trunk (1.1.2)
      nap (>= 0.8, < 2.0)
      netrc (= 0.7.8)
    cocoapods-try (1.1.0)
    colored (1.2)
    concurrent-ruby (1.0.2)
    escape (0.0.4)
    fourflusher (0.3.2)
    fuzzy_match (2.0.4)
    generamba (1.4.0)
      cocoapods-core (= 1.0.1)
      git (= 1.2.9.1)
      liquid (= 4.0.0)
      terminal-table (= 1.4.5)
      thor (= 0.19.1)
      xcodeproj (= 1.4.2)
    git (1.2.9.1)
    i18n (0.8.1)
    liquid (4.0.0)
    minitest (5.10.1)
    molinillo (0.4.5)
    nanaimo (0.2.3)
    nap (1.1.0)
    netrc (0.7.8)
    terminal-table (1.4.5)
    thor (0.19.1)
    thread_safe (0.3.6)
    tzinfo (1.2.3)
      thread_safe (~> 0.1)
    xcodeproj (1.4.2)
      CFPropertyList (~> 2.3.3)
      activesupport (>= 3)
      claide (>= 1.0.1, < 2.0)
      colored (~> 1.2)
      nanaimo (~> 0.2.3)

PLATFORMS
  ruby

DEPENDENCIES
  cocoapods
  generamba (~> 1.4.0)

BUNDLED WITH
   1.14.5
